GEM
  remote: https://rubygems.org/
  specs:
    chart_helpers (0.0.2)
      ruby-graphviz
      ttfunk
      victor (= 0.2.1)
    ruby-graphviz (1.2.3)
    ttfunk (1.5.1)
    victor (0.2.1)

PLATFORMS
  ruby

DEPENDENCIES
  chart_helpers

BUNDLED WITH
   1.15.1
